GEM
  remote: https://rubygems.org/
  specs:
    bcrypt (3.1.12)
    jwt (2.1.0)
    sshkey (1.9.0)

PLATFORMS
  ruby

DEPENDENCIES
  bcrypt (~> 3.1)
  jwt (~> 2.1)
  sshkey (~> 1.9)

BUNDLED WITH
   1.16.2
